GEM
  remote: https://rubygems.org/
  specs:
    activemodel (5.2.8.1)
      activesupport (= 5.2.8.1)
    activerecord (5.2.8.1)
      activemodel (= 5.2.8.1)
      activesupport (= 5.2.8.1)
      arel (>= 9.0)
    activerecord-deprecated_finders (1.0.4)
    activerecord-jdbc-adapter (52.7-java)
      activerecord (~> 5.2.0)
    activerecord-time (0.16.0)
      activerecord (>= 5.1, < 6.1)
    activesupport (5.2.8.1)
      concurrent-ruby (~> 1.0, >= 1.0.2)
      i18n (>= 0.7, < 2)
      minitest (~> 5.1)
      tzinfo (~> 1.1)
    arel (9.0.0)
    concurrent-ruby (1.0.5)
    concurrent-ruby (1.0.5-java)
    i18n (1.12.0)
      concurrent-ruby (~> 1.0)
    minitest (5.17.0)
    paranoia (2.4.3)
      activerecord (>= 4.0, < 6.2)
    rails-observers (0.1.5)
      activemodel (>= 4.0)
    sqldroid (1.0.1-java)
    thread_safe (0.3.6)
    thread_safe (0.3.6-java)
    tzinfo (1.2.10)
      thread_safe (~> 0.1)

PLATFORMS
  java
  x86_64-linux

DEPENDENCIES
  activerecord (~> 5.2)
  activerecord-deprecated_finders
  activerecord-jdbc-adapter (~> 52.6)
  activerecord-time
  concurrent-ruby (= 1.0.5)
  paranoia
  rails-observers
  sqldroid (~> 1.0)

BUNDLED WITH
   2.2.20
